GIT
  remote: https://github.com/soundcloud/soundcloud-ruby.git
  revision: 9e91ed8e085387daa41e1215442fa0e154c77c0a
  specs:
    soundcloud (0.3.4)
      hashie
      httmultiparty (~> 0.3.0)

GEM
  remote: https://rubygems.org/
  specs:
    hashie (4.1.0)
    httmultiparty (0.3.16)
      httparty (>= 0.7.3)
      mimemagic
      multipart-post
    httparty (0.18.0)
      mime-types (~> 3.0)
      multi_xml (>= 0.5.2)
    io-console (0.4.2)
    mime-types (3.3.1)
      mime-types-data (~> 3.2015)
    mime-types-data (3.2019.1009)
    mimemagic (0.3.4)
    multi_xml (0.6.0)
    multipart-post (2.1.1)
    progressbar (0.21.0)

PLATFORMS
  ruby

DEPENDENCIES
  io-console
  progressbar
  soundcloud!

BUNDLED WITH
   1.17.3
