GEM
  remote: http://rubygems.org/
  specs:
    hashie (2.0.5)
    httmultiparty (0.3.10)
      httparty (>= 0.7.3)
      multipart-post
    httparty (0.11.0)
      multi_json (~> 1.0)
      multi_xml (>= 0.5.2)
    io-console (0.4.2)
    multi_json (1.8.0)
    multi_xml (0.5.5)
    multipart-post (1.2.0)
    progressbar (0.21.0)
    soundcloud (0.3.2)
      hashie (~> 2.0)
      httmultiparty (~> 0.3.0)

PLATFORMS
  ruby

DEPENDENCIES
  io-console
  progressbar
  soundcloud
